PATH
  remote: .
  specs:
    google-copy-link (0.0.1)
      clipboard (~> 1.0.1)
      formatador (~> 0.2)
      htmlentities (~> 4)
      json (~> 1)
      trollop (~> 1)

GEM
  remote: http://rubygems.org/
  specs:
    clipboard (1.0.1)
    diff-lcs (1.1.3)
    ffi (1.0.11)
    formatador (0.2.3)
    guard (1.1.1)
      listen (>= 0.4.2)
      thor (>= 0.14.6)
    guard-rspec (0.7.3)
      guard (>= 0.10.0)
    htmlentities (4.3.1)
    json (1.7.3)
    listen (0.4.2)
      rb-fchange (~> 0.0.5)
      rb-fsevent (~> 0.9.1)
      rb-inotify (~> 0.8.8)
    rb-fchange (0.0.5)
      ffi
    rb-fsevent (0.9.1)
    rb-inotify (0.8.8)
      ffi (>= 0.5.0)
    rspec (2.10.0)
      rspec-core (~> 2.10.0)
      rspec-expectations (~> 2.10.0)
      rspec-mocks (~> 2.10.0)
    rspec-core (2.10.1)
    rspec-expectations (2.10.0)
      diff-lcs (~> 1.1.3)
    rspec-mocks (2.10.1)
    thor (0.15.2)
    trollop (1.16.2)

PLATFORMS
  ruby

DEPENDENCIES
  google-copy-link!
  guard-rspec (~> 0.2)
  rspec (~> 2.5)
